GEM
  remote: https://rubygems.org/
  specs:
    chronic (0.10.2)
    coderay (1.1.0)
    icalendar (2.2.0)
    method_source (0.8.2)
    mini_portile (0.6.0)
    nokogiri (1.6.3.1)
      mini_portile (= 0.6.0)
    pry (0.10.1)
      coderay (~> 1.1.0)
      method_source (~> 0.8.1)
      slop (~> 3.4)
    slop (3.6.0)

PLATFORMS
  ruby

DEPENDENCIES
  chronic
  icalendar
  nokogiri
  pry
